GIT
  remote: https://github.com/garybernhardt/raptor.git
  revision: 17c9703312b449e4e0492462a8e5ca0cb7aeca7a
  specs:
    raptor (0.0.1)
      rack

GEM
  remote: http://rubygems.org/
  specs:
    daemons (1.1.8)
    eventmachine (0.12.10)
    rack (1.4.1)
    thin (1.3.1)
      daemons (>= 1.0.9)
      eventmachine (>= 0.12.6)
      rack (>= 1.0.0)

PLATFORMS
  ruby

DEPENDENCIES
  raptor!
  thin
